GEM
  remote: https://rubygems.org/
  remote: http://utility.argu.co:3000/
  specs:
    actionmailer (4.2.0)
      actionpack (= 4.2.0)
      actionview (= 4.2.0)
      activejob (= 4.2.0)
      mail (~> 2.5, >= 2.5.4)
      rails-dom-testing (~> 1.0, >= 1.0.5)
    actionpack (4.2.0)
      actionview (= 4.2.0)
      activesupport (= 4.2.0)
      rack (~> 1.6.0)
      rack-test (~> 0.6.2)
      rails-dom-testing (~> 1.0, >= 1.0.5)
      rails-html-sanitizer (~> 1.0, >= 1.0.1)
    actionview (4.2.0)
      activesupport (= 4.2.0)
      builder (~> 3.1)
      erubis (~> 2.7.0)
      rails-dom-testing (~> 1.0, >= 1.0.5)
      rails-html-sanitizer (~> 1.0, >= 1.0.1)
    activejob (4.2.0)
      activesupport (= 4.2.0)
      globalid (>= 0.3.0)
    activemodel (4.2.0)
      activesupport (= 4.2.0)
      builder (~> 3.1)
    activerecord (4.2.0)
      activemodel (= 4.2.0)
      activesupport (= 4.2.0)
      arel (~> 6.0)
    activesupport (4.2.0)
      i18n (~> 0.7)
      json (~> 1.7, >= 1.7.7)
      minitest (~> 5.1)
      thread_safe (~> 0.3, >= 0.3.4)
      tzinfo (~> 1.1)
    acts-as-taggable-on (3.4.2)
      activerecord (>= 3.2, < 5)
    acts_as_commentable_with_threading (2.0.0)
      activerecord (>= 4.0)
      activesupport (>= 4.0)
      awesome_nested_set (>= 3.0)
    acts_as_follower (0.2.1)
    after_commit_action (0.1.4)
      activerecord (>= 3.0.0)
    ansi (1.4.3)
    arel (6.0.0)
    awesome_nested_set (3.0.1)
      activerecord (>= 4.0.0, < 5)
    aws-sdk (1.60.2)
      aws-sdk-v1 (= 1.60.2)
    aws-sdk-v1 (1.60.2)
      json (~> 1.4)
      nokogiri (>= 1.4.4)
    bcrypt (3.1.9)
    bcrypt (3.1.9-x86-mingw32)
    bcrypt-ruby (3.1.5)
      bcrypt (>= 3.1.3)
    bcrypt-ruby (3.1.5-x86-mingw32)
      bcrypt (>= 3.1.3)
    better_errors (2.0.0)
      coderay (>= 1.0.0)
      erubis (>= 2.6.6)
      rack (>= 0.9.0)
    binding_of_caller (0.7.3.pre1)
      debug_inspector (>= 0.0.1)
    bootstrap-sass (2.0.4.2)
    briarcliff (0.0.9)
      railties (>= 4.0)
    bugsnag (2.7.1)
      multi_json (~> 1.0)
    builder (3.2.2)
    byebug (3.5.1)
      columnize (~> 0.8)
      debugger-linecache (~> 1.2)
      slop (~> 3.6)
    callsite (0.0.11)
    capistrano (3.3.5)
      capistrano-stats (~> 1.1.0)
      i18n
      rake (>= 10.0.0)
      sshkit (~> 1.3)
    capistrano-bundler (1.1.3)
      capistrano (~> 3.1)
      sshkit (~> 1.2)
    capistrano-rails (1.1.2)
      capistrano (~> 3.1)
      capistrano-bundler (~> 1.1)
    capistrano-rvm (0.1.2)
      capistrano (~> 3.0)
      sshkit (~> 1.2)
    capistrano-stats (1.1.1)
    carrierwave (0.10.0)
      activemodel (>= 3.2.0)
      activesupport (>= 3.2.0)
      json (>= 1.7)
      mime-types (>= 1.16)
    carrierwave-aws (0.4.1)
      aws-sdk (>= 1.29)
      carrierwave (>= 0.7)
    carrierwave_backgrounder (0.4.1)
      carrierwave (~> 0.5)
    celluloid (0.16.0)
      timers (~> 4.0.0)
    cocoon (1.2.6)
    coderay (1.1.0)
    coffee-rails (4.1.0)
      coffee-script (>= 2.2.0)
      railties (>= 4.0.0, < 5.0)
    coffee-script (2.3.0)
      coffee-script-source
      execjs
    coffee-script-source (1.8.0)
    colorize (0.7.5)
    columnize (0.9.0)
    connection_pool (2.1.0)
    counter_culture (0.1.29)
      after_commit_action (~> 0.1.3)
    daemons (1.1.9)
    debug_inspector (0.0.2)
    debugger-linecache (1.2.0)
    devise (3.4.1)
      bcrypt (~> 3.0)
      orm_adapter (~> 0.1)
      railties (>= 3.2.6, < 5)
      responders
      thread_safe (~> 0.1)
      warden (~> 1.2.3)
    devise_invitable (1.4.0)
      actionmailer (>= 3.2.6, < 5)
      devise (>= 3.2.0)
    erubis (2.7.0)
    eventmachine (1.0.4)
    execjs (2.2.2)
    faraday (0.9.0)
      multipart-post (>= 1.2, < 3)
    ffi (1.9.6-x86-mingw32)
    formtastic (3.1.2)
      actionpack (>= 3.2.13)
    friendly_id (5.0.4)
      activerecord (>= 4.0.0)
    globalid (0.3.0)
      activesupport (>= 4.1.0)
    haml (4.0.6)
      tilt
    has_secure_token (0.0.2)
      activemodel
    hashie (3.3.2)
    hike (1.2.3)
    hitimes (1.2.2)
    hitimes (1.2.2-x86-mingw32)
    i18n (0.7.0)
    indefinite_article (0.2.0)
      activesupport
    jbuilder (2.2.6)
      activesupport (>= 3.0.0, < 5)
      multi_json (~> 1.2)
    jquery-rails (4.0.3)
      rails-dom-testing (~> 1.0)
      railties (>= 4.2.0)
      thor (>= 0.14, < 2.0)
    jquery-ui-rails (5.0.3)
      railties (>= 3.2.16)
    json (1.8.1)
    jwt (1.2.0)
    kaminari (0.16.1)
      actionpack (>= 3.0.0)
      activesupport (>= 3.0.0)
    kgio (2.9.3)
    libv8 (3.16.14.7)
    logstash-event (1.1.5)
    logstasher (0.6.2)
      logstash-event (~> 1.1.0)
      request_store
    loofah (2.0.1)
      nokogiri (>= 1.5.9)
    mail (2.6.3)
      mime-types (>= 1.16, < 3)
    meta_request (0.3.4)
      callsite (~> 0.0, >= 0.0.11)
      rack-contrib (~> 1.1)
      railties (>= 3.0.0, < 5.0.0)
    mime-types (2.4.3)
    mini_magick (3.8.1)
      subexec (~> 0.2.1)
    mini_portile (0.6.2)
    minitest (5.5.0)
    minitest-rails (2.1.1)
      minitest (~> 5.4)
      railties (~> 4.1)
    minitest-reporters (1.0.8)
      ansi
      builder
      minitest (>= 5.0)
      ruby-progressbar
    multi_json (1.10.1)
    multi_xml (0.5.5)
    multimap (1.1.3)
    multipart-post (2.0.0)
    net-scp (1.2.1)
      net-ssh (>= 2.6.5)
    net-ssh (2.9.1)
    netrc (0.10.2)
    nokogiri (1.6.5)
      mini_portile (~> 0.6.0)
    nokogiri (1.6.5-x86-mingw32)
      mini_portile (~> 0.6.0)
    oauth (0.4.7)
    oauth2 (1.0.0)
      faraday (>= 0.8, < 0.10)
      jwt (~> 1.0)
      multi_json (~> 1.3)
      multi_xml (~> 0.5)
      rack (~> 1.2)
    omniauth (1.2.2)
      hashie (>= 1.2, < 4)
      rack (~> 1.0)
    omniauth-facebook (2.0.0)
      omniauth-oauth2 (~> 1.2)
    omniauth-oauth (1.0.1)
      oauth
      omniauth (~> 1.0)
    omniauth-oauth2 (1.2.0)
      faraday (>= 0.8, < 0.10)
      multi_json (~> 1.3)
      oauth2 (~> 1.0)
      omniauth (~> 1.2)
    omniauth-twitter (1.1.0)
      multi_json (~> 1.3)
      omniauth-oauth (~> 1.0)
    orm_adapter (0.5.0)
    pg (0.17.1)
    pg (0.17.1-x86-mingw32)
    pica_pica (0.0.1)
      slim (>= 2.0.0)
    public_activity (1.4.2)
      actionpack (>= 3.0.0)
      activerecord (>= 3.0)
      i18n (>= 0.5.0)
      railties (>= 3.0.0)
    pundit (0.3.0)
      activesupport (>= 3.0.0)
    quiet_assets (1.1.0)
      railties (>= 3.1, < 5.0)
    rack (1.6.0)
    rack-contrib (1.1.0)
      rack (>= 0.9.1)
    rack-cors (0.3.1)
    rack-protection (1.5.3)
      rack
    rack-test (0.6.2)
      rack (>= 1.0)
    rails (4.2.0)
      actionmailer (= 4.2.0)
      actionpack (= 4.2.0)
      actionview (= 4.2.0)
      activejob (= 4.2.0)
      activemodel (= 4.2.0)
      activerecord (= 4.2.0)
      activesupport (= 4.2.0)
      bundler (>= 1.3.0, < 2.0)
      railties (= 4.2.0)
      sprockets-rails
    rails-deprecated_sanitizer (1.0.3)
      activesupport (>= 4.2.0.alpha)
    rails-dom-testing (1.0.5)
      activesupport (>= 4.2.0.beta, < 5.0)
      nokogiri (~> 1.6.0)
      rails-deprecated_sanitizer (>= 1.0.1)
    rails-html-sanitizer (1.0.1)
      loofah (~> 2.0)
    rails-i18n (4.0.3)
      i18n (~> 0.6)
      railties (~> 4.0)
    rails3-jquery-autocomplete (1.0.14)
      rails (>= 3.0)
    railties (4.2.0)
      actionpack (= 4.2.0)
      activesupport (= 4.2.0)
      rake (>= 0.8.7)
      thor (>= 0.18.1, < 2.0)
    raindrops (0.13.0)
    rake (10.4.2)
    redcarpet (3.1.2)
    redis (3.2.0)
    redis-namespace (1.5.1)
      redis (~> 3.0, >= 3.0.4)
    ref (1.0.5)
    request_store (1.1.0)
    responders (2.0.2)
      railties (>= 4.2.0.alpha, < 5)
    rest-client (1.7.2)
      mime-types (>= 1.16, < 3.0)
      netrc (~> 0.7)
    rest-client (1.7.2-x86-mingw32)
      ffi (~> 1.9)
      mime-types (>= 1.16, < 3.0)
      netrc (~> 0.7)
    rfc-822 (0.4.0)
    rolify (3.4.1)
    rollout (2.1.0)
    ruby-progressbar (1.7.1)
    sass (3.4.9)
    sass-rails (5.0.0)
      railties (>= 4.0.0, < 5.0)
      sass (~> 3.1)
      sprockets (>= 2.8, < 4.0)
      sprockets-rails (>= 2.0, < 4.0)
      tilt (~> 1.1)
    sidekiq (3.3.0)
      celluloid (>= 0.16.0)
      connection_pool (>= 2.0.0)
      json
      redis (>= 3.0.6)
      redis-namespace (>= 1.3.1)
    simple_settings (1.0.2)
      rails (~> 4.0, >= 4.0.0)
    simple_text (0.0.21)
      kaminari (>= 0.16.0)
      rails (>= 4.0.0)
      redcarpet (~> 3.1.2)
      slim (>= 2.0.0)
      whodunnit (~> 0.0.5)
    sinatra (1.4.5)
      rack (~> 1.4)
      rack-protection (~> 1.4)
      tilt (~> 1.3, >= 1.3.4)
    slim (2.1.0)
      temple (~> 0.6.9)
      tilt (>= 1.3.3, < 2.1)
    slop (3.6.0)
    spring (1.2.0)
    sprockets (2.12.3)
      hike (~> 1.2)
      multi_json (~> 1.0)
      rack (~> 1.0)
      tilt (~> 1.1, != 1.3.0)
    sprockets-rails (2.2.2)
      actionpack (>= 3.0)
      activesupport (>= 3.0)
      sprockets (>= 2.8, < 4.0)
    sshkit (1.6.1)
      colorize (>= 0.7.0)
      net-scp (>= 1.1.2)
      net-ssh (>= 2.8.0)
    subexec (0.2.3)
    temple (0.6.10)
    therubyracer (0.12.1)
      libv8 (~> 3.16.14.0)
      ref
    thin (1.6.3)
      daemons (~> 1.0, >= 1.0.9)
      eventmachine (~> 1.0)
      rack (~> 1.0)
    thor (0.19.1)
    thread_safe (0.3.4)
    tilt (1.4.1)
    timers (4.0.1)
      hitimes
    tzinfo (1.2.2)
      thread_safe (~> 0.1)
    tzinfo-data (1.2014.10)
      tzinfo (>= 1.0.0)
    uglifier (2.6.1)
      execjs (>= 0.3.0)
      json (>= 1.8.0)
    unicorn (4.8.3)
      kgio (~> 2.6)
      rack
      raindrops (~> 0.7)
    warden (1.2.3)
      rack (>= 1.0)
    web-console (2.0.0)
      activemodel (~> 4.0)
      binding_of_caller (>= 0.7.2)
      railties (~> 4.0)
      sprockets-rails (>= 2.0, < 4.0)
    whodunnit (0.0.5)
      rails (>= 4.0.0)

PLATFORMS
  ruby
  x86-mingw32

DEPENDENCIES
  acts-as-taggable-on (~> 3.4.2)
  acts_as_commentable_with_threading (~> 2.0.0)
  acts_as_follower
  awesome_nested_set (~> 3.0.1)
  bcrypt-ruby (>= 3.1.5)
  better_errors
  binding_of_caller (>= 0.7.3.pre1)
  bootstrap-sass (~> 2.0.1)
  briarcliff (~> 0.0.9)
  bugsnag
  byebug
  capistrano (~> 3.3.3)
  capistrano-bundler (~> 1.1.3)
  capistrano-rails (~> 1.1.2)
  capistrano-rvm (~> 0.1.2)
  carrierwave (~> 0.10.0)
  carrierwave-aws
  carrierwave_backgrounder (~> 0.4.1)
  cocoon (~> 1.2.6)
  coffee-rails (~> 4.1.0)
  counter_culture (~> 0.1.27)
  devise (~> 3.4.1)
  devise_invitable (~> 1.4.0)
  formtastic (~> 3.1.2)
  friendly_id (~> 5.0.4)
  haml
  has_secure_token
  indefinite_article
  jbuilder (~> 2.2.5)
  jquery-rails
  jquery-ui-rails
  kaminari (~> 0.16.1)
  logstasher
  meta_request
  mini_magick (~> 3.8.1)
  minitest-rails (~> 2.1.1)
  minitest-reporters (~> 1.0.8)
  multimap
  nokogiri (= 1.6.5)
  omniauth (~> 1.2.2)
  omniauth-facebook (~> 2.0.0)
  omniauth-oauth2 (~> 1.2.0)
  omniauth-twitter (~> 1.1.0)
  pg (= 0.17.1)
  pica_pica (~> 0.0.1)
  public_activity
  pundit (~> 0.3.0)
  quiet_assets
  rack-cors
  rack-test (~> 0.6.2)
  rails (~> 4.2.0)
  rails-i18n (~> 4.0.3)
  rails3-jquery-autocomplete (~> 1.0.14)
  redis (~> 3.2.0)
  rest-client
  rfc-822 (~> 0.4.0)
  rolify (~> 3.4.1)
  rollout
  sass-rails (~> 5.0.0)
  sidekiq (~> 3.3.0)
  simple_settings (= 1.0.2)
  simple_text (~> 0.0.21)
  sinatra (>= 1.3.0)
  slim (~> 2.1.0)
  spring (~> 1.2.0)
  therubyracer (~> 0.12.1)
  thin
  tzinfo-data
  uglifier (>= 2.5.3)
  unicorn (~> 4.8.3)
  web-console (~> 2.0.0)
  whodunnit (= 0.0.5)
