GIT
  remote: https://github.com/ArthurWD/active_record-postgres-constraints
  revision: 1daecf714b4c11aa218cf71a91ee602807740943
  ref: 1daecf7
  specs:
    active_record-postgres-constraints (0.1.2)
      pg
      rails (~> 5.0)

GIT
  remote: https://github.com/ArthurWD/acts_as_tenant
  revision: deff226341a1b65dfd89cec2fab895f0cbf2546d
  branch: master
  specs:
    acts_as_tenant (0.4.3)
      rails (>= 4.0)
      request_store (>= 1.0.5)

GIT
  remote: https://github.com/ArthurWD/apartment
  revision: 9d2db15de7c412321245f48680aae880157c400d
  ref: 9d2db15
  specs:
    apartment (2.2.1)
      activerecord (>= 3.1.2, < 6.1)
      parallel (>= 0.7.1)
      public_suffix (>= 2)
      rack (>= 1.3.6)

GIT
  remote: https://github.com/allenwq/devise-multi_email
  revision: c38230c02f5b8e8e4f07bb2bcff7ef16f79bf480
  ref: c3823
  specs:
    devise-multi_email (2.0.1)
      devise

GIT
  remote: https://github.com/dryruby/ebnf
  revision: 3631273e2c87ceed4f685ce2eaa3df89f8a47d45
  ref: 3631273
  specs:
    ebnf (1.1.2)
      rdf (~> 3.0)
      sxp (~> 1.0)

GIT
  remote: https://github.com/ontola/active_response
  revision: 203d251017ca9484aa1940fc9f1deaa2a6215e77
  branch: master
  specs:
    active_response (0.0.1)
      active_model_serializers (~> 0.10)
      railties (>= 4.2.0, < 6)

GIT
  remote: https://github.com/ontola/linked_rails
  revision: 7b97a5ea56cdc2663041f18ce474f0337c3bb529
  specs:
    linked_rails (0.0.0)
      active_response
      kaminari
      pundit
      rails (~> 5.2.2)
      rdf
      rdf-serializers
      rdf-vocab
      uri_template

GIT
  remote: https://github.com/ontola/rdf-serializers
  revision: fe32021937b572af70edd6b95d8a0b2d23e11c55
  specs:
    rdf-serializers (0.0.7)
      active_model_serializers (~> 0.10)
      railties (>= 4.2.0, < 7)
      rdf (~> 3.0)

GIT
  remote: https://github.com/ruby-rdf/rdf-rdfxml
  revision: dd99a73f7b9931bcd7b3893007e5c26d894c23da
  ref: dd99a73
  specs:
    rdf-rdfxml (2.2.1)
      htmlentities (~> 4.3)
      rdf (~> 3.0)
      rdf-rdfa (>= 2.2, < 4.0)
      rdf-xsd (~> 3.0)

GIT
  remote: https://github.com/st0012/Sidekiq-Logging-JSON.git
  revision: 08098971d5baa75f05bb3b9d53d2d0e811d0ebc1
  ref: 08098971d5baa75f05bb3b9d53d2d0e811d0ebc1
  specs:
    sidekiq-logging-json (0.0.14)
      sidekiq (>= 3)

GIT
  remote: https://github.com/tcocca/acts_as_follower.git
  revision: ff4a7d1f8206be13b9b68526a5062611f36509aa
  ref: ff4a7d1f8206be13b9b68526a5062611f36509aa
  specs:
    acts_as_follower (0.2.1)
      activerecord (>= 4.0)

GEM
  remote: https://rubygems.org/
  specs:
    actioncable (5.2.2.1)
      actionpack (= 5.2.2.1)
      nio4r (~> 2.0)
      websocket-driver (>= 0.6.1)
    actionmailer (5.2.2.1)
      actionpack (= 5.2.2.1)
      actionview (= 5.2.2.1)
      activejob (= 5.2.2.1)
      mail (~> 2.5, >= 2.5.4)
      rails-dom-testing (~> 2.0)
    actionpack (5.2.2.1)
      actionview (= 5.2.2.1)
      activesupport (= 5.2.2.1)
      rack (~> 2.0)
      rack-test (>= 0.6.3)
      rails-dom-testing (~> 2.0)
      rails-html-sanitizer (~> 1.0, >= 1.0.2)
    actionview (5.2.2.1)
      activesupport (= 5.2.2.1)
      builder (~> 3.1)
      erubi (~> 1.4)
      rails-dom-testing (~> 2.0)
      rails-html-sanitizer (~> 1.0, >= 1.0.3)
    active_model_serializers (0.10.10)
      actionpack (>= 4.1, < 6.1)
      activemodel (>= 4.1, < 6.1)
      case_transform (>= 0.2)
      jsonapi-renderer (>= 0.1.1.beta1, < 0.3)
    active_record_query_trace (1.7)
    activejob (5.2.2.1)
      activesupport (= 5.2.2.1)
      globalid (>= 0.3.6)
    activemodel (5.2.2.1)
      activesupport (= 5.2.2.1)
    activerecord (5.2.2.1)
      activemodel (= 5.2.2.1)
      activesupport (= 5.2.2.1)
      arel (>= 9.0)
    activestorage (5.2.2.1)
      actionpack (= 5.2.2.1)
      activerecord (= 5.2.2.1)
      marcel (~> 0.3.1)
    activesupport (5.2.2.1)
      concurrent-ruby (~> 1.0, >= 1.0.2)
      i18n (>= 0.7, < 2)
      minitest (~> 5.1)
      tzinfo (~> 1.1)
    acts_as_list (1.0.1)
      activerecord (>= 4.2)
    addressable (2.7.0)
      public_suffix (>= 2.0.2, < 5.0)
    after_commit_action (1.1.0)
      activerecord (>= 3.0.0)
      activesupport (>= 3.0.0)
    amq-protocol (2.3.0)
    ansi (1.5.0)
    arel (9.0.0)
    ast (2.4.0)
    auto_strip_attributes (2.5.0)
      activerecord (>= 4.0)
    aws-eventstream (1.0.3)
    aws-partitions (1.277.0)
    aws-sdk-core (3.90.1)
      aws-eventstream (~> 1.0, >= 1.0.2)
      aws-partitions (~> 1, >= 1.239.0)
      aws-sigv4 (~> 1.1)
      jmespath (~> 1.0)
    aws-sdk-kms (1.29.0)
      aws-sdk-core (~> 3, >= 3.71.0)
      aws-sigv4 (~> 1.1)
    aws-sdk-s3 (1.60.2)
      aws-sdk-core (~> 3, >= 3.83.0)
      aws-sdk-kms (~> 1)
      aws-sigv4 (~> 1.1)
    aws-sigv4 (1.1.1)
      aws-eventstream (~> 1.0, >= 1.0.2)
    bcrypt (3.1.13)
    bcrypt-ruby (3.1.5)
      bcrypt (>= 3.1.3)
    better_errors (2.6.0)
      coderay (>= 1.0.0)
      erubi (>= 1.0.0)
      rack (>= 0.9.0)
    bindex (0.8.1)
    binding_of_caller (0.8.0)
      debug_inspector (>= 0.0.1)
    bootsnap (1.4.6)
      msgpack (~> 1.0)
    brakeman (4.8.0)
    bugsnag (6.13.0)
      concurrent-ruby (~> 1.0)
    builder (3.2.4)
    bullet (6.1.0)
      activesupport (>= 3.0.0)
      uniform_notifier (~> 1.11)
    bundler-audit (0.6.1)
      bundler (>= 1.2.0, < 3)
      thor (~> 0.18)
    bunny (2.14.4)
      amq-protocol (~> 2.3, >= 2.3.0)
    carrierwave (2.0.2)
      activemodel (>= 5.0.0)
      activesupport (>= 5.0.0)
      addressable (~> 2.6)
      image_processing (~> 1.1)
      mimemagic (>= 0.3.0)
      mini_mime (>= 0.1.3)
    carrierwave-aws (1.4.0)
      aws-sdk-s3 (~> 1.0)
      carrierwave (>= 0.7, < 2.1)
    carrierwave-vips (1.2.0)
      carrierwave (>= 0.11.0)
      ruby-vips (~> 2.0, >= 2.0.2)
    case_transform (0.2)
      activesupport
    celluloid (0.17.4)
      celluloid-essentials
      celluloid-extras
      celluloid-fsm
      celluloid-pool
      celluloid-supervision
      timers (>= 4.1.1)
    celluloid-essentials (0.20.5)
      timers (>= 4.1.1)
    celluloid-extras (0.20.5)
      timers (>= 4.1.1)
    celluloid-fsm (0.20.5)
      timers (>= 4.1.1)
    celluloid-pool (0.20.5)
      timers (>= 4.1.1)
    celluloid-supervision (0.20.6)
      timers (>= 4.1.1)
    cocoon (1.2.14)
    coderay (1.1.2)
    concurrent-ruby (1.1.6)
    connection_pool (2.2.2)
    counter_culture (2.3.0)
      activerecord (>= 4.2)
      activesupport (>= 4.2)
      after_commit_action (~> 1.0)
    countries (3.0.1)
      i18n_data (~> 0.10.0)
      sixarm_ruby_unaccent (~> 1.1)
      unicode_utils (~> 1.4)
    country_select (4.0.0)
      countries (~> 3.0)
      sort_alphabetical (~> 1.0)
    crack (0.4.3)
      safe_yaml (~> 1.0.0)
    crass (1.0.6)
    database_cleaner (1.8.3)
    debug_inspector (0.0.3)
    devise (4.7.1)
      bcrypt (~> 3.0)
      orm_adapter (~> 0.1)
      railties (>= 4.1.0)
      responders
      warden (~> 1.2.3)
    diff-lcs (1.3)
    docile (1.3.2)
    domain_name (0.5.20190701)
      unf (>= 0.0.5, < 1.0.0)
    doorkeeper (5.3.1)
      railties (>= 5)
    doorkeeper-jwt (0.4.0)
      jwt (~> 2.1)
    dotenv (2.7.5)
    dotenv-rails (2.7.5)
      dotenv (= 2.7.5)
      railties (>= 3.2, < 6.1)
    elasticsearch (7.5.0)
      elasticsearch-api (= 7.5.0)
      elasticsearch-transport (= 7.5.0)
    elasticsearch-api (7.5.0)
      multi_json
    elasticsearch-transport (7.5.0)
      faraday (>= 0.14, < 1)
      multi_json
    erubi (1.9.0)
    erubis (2.7.0)
    factory_bot (5.1.1)
      activesupport (>= 4.2.0)
    factory_bot_rails (5.1.1)
      factory_bot (~> 5.1.0)
      railties (>= 4.2.0)
    fakeredis (0.7.0)
      redis (>= 3.2, < 5.0)
    faraday (0.17.3)
      multipart-post (>= 1.2, < 3)
    ffi (1.12.2)
    flamegraph (0.9.5)
    globalid (0.4.2)
      activesupport (>= 4.2.0)
    haml (5.1.2)
      temple (>= 0.8.0)
      tilt
    hamster (3.0.0)
      concurrent-ruby (~> 1.0)
    hashdiff (1.0.0)
    hashie (4.1.0)
    health_check (3.0.0)
      railties (>= 5.0)
    htmlentities (4.3.4)
    http-accept (1.7.0)
    http-cookie (1.0.3)
      domain_name (~> 0.5)
    http_accept_language (2.1.1)
    httparty (0.18.0)
      mime-types (~> 3.0)
      multi_xml (>= 0.5.2)
    i18n (1.8.2)
      concurrent-ruby (~> 1.0)
    i18n_data (0.10.0)
    ice_cube (0.14.0)
    image_processing (1.10.3)
      mini_magick (>= 4.9.5, < 5)
      ruby-vips (>= 2.0.17, < 3)
    iso8601 (0.9.1)
    jaro_winkler (1.5.4)
    jmespath (1.4.0)
    json-canonicalization (0.2.0)
    json-ld (3.1.1)
      htmlentities (~> 4.3)
      json-canonicalization (~> 0.2)
      link_header (~> 0.0, >= 0.0.8)
      multi_json (~> 1.14)
      rack (~> 2.0)
      rdf (~> 3.1)
    jsonapi-renderer (0.2.2)
    jwt (2.2.1)
    kaminari (1.2.0)
      activesupport (>= 4.1.0)
      kaminari-actionview (= 1.2.0)
      kaminari-activerecord (= 1.2.0)
      kaminari-core (= 1.2.0)
    kaminari-actionview (1.2.0)
      actionview
      kaminari-core (= 1.2.0)
    kaminari-activerecord (1.2.0)
      activerecord
      kaminari-core (= 1.2.0)
    kaminari-core (1.2.0)
    license_finder (6.0.0)
      bundler
      rubyzip (>= 1, < 3)
      thor
      toml (= 0.2.0)
      with_env (= 1.1.0)
      xml-simple
    link_header (0.0.8)
    loofah (2.4.0)
      crass (~> 1.0.2)
      nokogiri (>= 1.5.9)
    ltree_hierarchy (1.0.0)
      activerecord (>= 4.2.0)
      pg
    mail (2.7.1)
      mini_mime (>= 0.1.1)
    marcel (0.3.3)
      mimemagic (~> 0.3.2)
    meta_request (0.7.2)
      rack-contrib (>= 1.1, < 3)
      railties (>= 3.0.0, < 7)
    method_source (0.9.2)
    mime-types (3.3.1)
      mime-types-data (~> 3.2015)
    mime-types-data (3.2019.1009)
    mimemagic (0.3.4)
    mini_magick (4.10.1)
    mini_mime (1.0.2)
    mini_portile2 (2.4.0)
    minitest (5.14.0)
    minitest-bang (1.0.4)
      minitest (>= 4.7.5)
    minitest-have_tag (0.1.0)
      minitest
      nokogiri
    minitest-rails (5.2.0)
      minitest (~> 5.10)
      railties (~> 5.2.0)
    minitest-reporters (1.4.2)
      ansi
      builder
      minitest (>= 5.0)
      ruby-progressbar
    mocha (1.11.2)
    msgpack (1.3.3)
    multi_json (1.14.1)
    multi_xml (0.6.0)
    multipart-post (2.1.1)
    net-http-persistent (3.1.0)
      connection_pool (~> 2.2)
    net_http_timeout_errors (0.3.5)
    netrc (0.11.0)
    nio4r (2.5.2)
    nokogiri (1.10.8)
      mini_portile2 (~> 2.4.0)
    oauth2 (1.4.4)
      faraday (>= 0.8, < 2.0)
      jwt (>= 1.0, < 3.0)
      multi_json (~> 1.3)
      multi_xml (~> 0.5)
      rack (>= 1.2, < 3)
    oga (3.2)
      ast
      ruby-ll (~> 2.1)
    oj (3.10.2)
    orm_adapter (0.5.0)
    parallel (1.19.1)
    parser (2.7.0.3)
      ast (~> 2.4.0)
    parslet (1.8.2)
    pg (1.2.2)
    pry (0.12.2)
      coderay (~> 1.1.0)
      method_source (~> 0.9.0)
    public_activity (1.6.4)
      actionpack (>= 3.0.0)
      activerecord (>= 3.0)
      i18n (>= 0.5.0)
      railties (>= 3.0.0)
    public_suffix (4.0.3)
    puma (4.3.1)
      nio4r (~> 2.0)
    pundit (2.1.0)
      activesupport (>= 3.0.0)
    rack (2.0.9)
    rack-attack (4.3.1)
      rack
    rack-contrib (2.1.0)
      rack (~> 2.0)
    rack-mini-profiler (1.1.6)
      rack (>= 1.2.0)
    rack-protection (2.0.8.1)
      rack
    rack-test (1.1.0)
      rack (>= 1.0, < 3)
    rails (5.2.2.1)
      actioncable (= 5.2.2.1)
      actionmailer (= 5.2.2.1)
      actionpack (= 5.2.2.1)
      actionview (= 5.2.2.1)
      activejob (= 5.2.2.1)
      activemodel (= 5.2.2.1)
      activerecord (= 5.2.2.1)
      activestorage (= 5.2.2.1)
      activesupport (= 5.2.2.1)
      bundler (>= 1.3.0)
      railties (= 5.2.2.1)
      sprockets-rails (>= 2.0.0)
    rails-controller-testing (1.0.4)
      actionpack (>= 5.0.1.x)
      actionview (>= 5.0.1.x)
      activesupport (>= 5.0.1.x)
    rails-dom-testing (2.0.3)
      activesupport (>= 4.2.0)
      nokogiri (>= 1.6)
    rails-html-sanitizer (1.3.0)
      loofah (~> 2.3)
    rails-i18n (5.1.3)
      i18n (>= 0.7, < 2)
      railties (>= 5.0, < 6)
    railties (5.2.2.1)
      actionpack (= 5.2.2.1)
      activesupport (= 5.2.2.1)
      method_source
      rake (>= 0.8.7)
      thor (>= 0.19.0, < 2.0)
    rainbow (3.0.0)
    rake (13.0.1)
    rdf (3.1.1)
      hamster (~> 3.0)
      link_header (~> 0.0, >= 0.0.8)
    rdf-aggregate-repo (3.1.0)
      rdf (~> 3.1)
    rdf-n3 (3.1.0)
      rdf (~> 3.0)
      sparql (~> 3.0)
      sxp (~> 1.0)
    rdf-rdfa (3.1.0)
      haml (~> 5.1)
      htmlentities (~> 4.3)
      rdf (~> 3.1)
      rdf-aggregate-repo (~> 3.1)
      rdf-xsd (~> 3.1)
    rdf-turtle (3.0.6)
      ebnf (~> 1.1)
      rdf (~> 3.0)
    rdf-vocab (3.1.2)
      rdf (~> 3.1)
    rdf-xsd (3.1.0)
      rdf (~> 3.1)
    redis (4.1.3)
    request_store (1.5.0)
      rack (>= 1.4)
    responders (3.0.0)
      actionpack (>= 5.0)
      railties (>= 5.0)
    rest-client (2.1.0)
      http-accept (>= 1.7.0, < 2.0)
      http-cookie (>= 1.0.2, < 2.0)
      mime-types (>= 1.16, < 4.0)
      netrc (~> 0.8)
    rexml (3.2.4)
    rfc-822 (0.4.1)
    rspec-core (3.9.1)
      rspec-support (~> 3.9.1)
    rspec-expectations (3.9.0)
      diff-lcs (>= 1.2.0, < 2.0)
      rspec-support (~> 3.9.0)
    rspec-mocks (3.9.1)
      diff-lcs (>= 1.2.0, < 2.0)
      rspec-support (~> 3.9.0)
    rspec-rails (3.9.0)
      actionpack (>= 3.0)
      activesupport (>= 3.0)
      railties (>= 3.0)
      rspec-core (~> 3.9.0)
      rspec-expectations (~> 3.9.0)
      rspec-mocks (~> 3.9.0)
      rspec-support (~> 3.9.0)
    rspec-retry (0.6.2)
      rspec-core (> 3.3)
    rspec-support (3.9.2)
    rubocop (0.80.0)
      jaro_winkler (~> 1.5.1)
      parallel (~> 1.10)
      parser (>= 2.7.0.1)
      rainbow (>= 2.2.2, < 4.0)
      rexml
      ruby-progressbar (~> 1.7)
      unicode-display_width (>= 1.4.0, < 1.7)
    rubocop-rails (2.4.2)
      rack (>= 1.1)
      rubocop (>= 0.72.0)
    rubocop-rspec (1.38.1)
      rubocop (>= 0.68.1)
    ruby-ll (2.1.2)
      ansi
      ast
    ruby-ole (1.2.12.2)
    ruby-progressbar (1.10.1)
    ruby-vips (2.0.17)
      ffi (~> 1.9)
    rubyzip (2.2.0)
    safe_yaml (1.0.5)
    searchkick (4.3.0)
      activemodel (>= 5)
      elasticsearch (>= 6)
      hashie
    sequenced (3.2.0)
      activerecord (>= 3.0)
      activesupport (>= 3.0)
    sidekiq (5.2.8)
      connection_pool (~> 2.2, >= 2.2.2)
      rack (< 2.1.0)
      rack-protection (>= 1.5.0)
      redis (>= 3.3.5, < 5)
    sidekiq-prometheus-exporter (0.1.12)
      sidekiq (>= 3.3.1)
    sidetiq (0.7.2)
      celluloid (>= 0.17.3)
      ice_cube (~> 0.14.0)
      sidekiq (>= 4.1.0)
    simplecov (0.18.5)
      docile (~> 1.1)
      simplecov-html (~> 0.11)
    simplecov-html (0.12.2)
    sixarm_ruby_unaccent (1.2.0)
    sort_alphabetical (1.1.0)
      unicode_utils (>= 1.2.2)
    sparql (3.0.2)
      builder (~> 3.2)
      ebnf (~> 1.1)
      rdf (~> 3.0)
      rdf-aggregate-repo (>= 2.2, < 4.0)
      rdf-xsd (~> 3.0)
      sparql-client (~> 3.0)
      sxp (~> 1.0)
    sparql-client (3.1.0)
      net-http-persistent (~> 3.1)
      rdf (~> 3.1)
    spreadsheet (1.2.6)
      ruby-ole (>= 1.0)
    spring (2.1.0)
    spring-commands-rspec (1.0.4)
      spring (>= 0.9.1)
    spring-commands-testunit (1.0.1)
      spring (>= 0.9.1)
    sprockets (3.7.2)
      concurrent-ruby (~> 1.0)
      rack (> 1, < 3)
    sprockets-rails (3.2.1)
      actionpack (>= 4.0)
      activesupport (>= 4.0)
      sprockets (>= 3.0.0)
    stackprof (0.2.15)
    sxp (1.1.0)
      rdf (~> 3.1)
    temple (0.8.2)
    thor (0.20.3)
    thread_safe (0.3.6)
    tilt (2.0.10)
    timers (4.3.0)
    toml (0.2.0)
      parslet (~> 1.8.0)
    tzinfo (1.2.6)
      thread_safe (~> 0.1)
    tzinfo-data (1.2019.3)
      tzinfo (>= 1.0.0)
    unf (0.1.4)
      unf_ext
    unf_ext (0.0.7.6)
    unicode-display_width (1.6.1)
    unicode_utils (1.4.0)
    uniform_notifier (1.13.0)
    uri_template (0.7.0)
    video_info (2.7.1)
      iso8601 (~> 0.9.1)
      net_http_timeout_errors (~> 0.3.0)
      oga (~> 3.0)
    warden (1.2.8)
      rack (>= 2.0.6)
    web-console (3.5.1)
      actionview (>= 5.0)
      activemodel (>= 5.0)
      bindex (>= 0.4.0)
      railties (>= 5.0)
    webmock (3.8.2)
      addressable (>= 2.3.6)
      crack (>= 0.3.2)
      hashdiff (>= 0.4.0, < 2.0.0)
    websocket-driver (0.7.1)
      websocket-extensions (>= 0.1.0)
    websocket-extensions (0.1.4)
    wisper (2.0.1)
    wisper-minitest (0.0.3)
    wisper-rspec (1.1.0)
    with_env (1.1.0)
    xml-simple (1.1.5)
    yard (0.9.24)
    yard-activesupport-concern (0.0.1)
      yard (>= 0.8)

PLATFORMS
  ruby

DEPENDENCIES
  active_model_serializers
  active_record-postgres-constraints!
  active_record_query_trace
  active_response!
  acts_as_follower!
  acts_as_list
  acts_as_tenant!
  addressable
  apartment!
  auto_strip_attributes
  bcrypt-ruby
  better_errors
  binding_of_caller (>= 0.7.3.pre1)
  bootsnap
  brakeman
  bugsnag
  bullet
  bundler-audit
  bunny
  carrierwave
  carrierwave-aws
  carrierwave-vips
  cocoon
  counter_culture
  country_select
  database_cleaner
  devise
  devise-multi_email (~> 2.0.1)!
  doorkeeper
  doorkeeper-jwt
  dotenv-rails
  ebnf!
  erubis
  factory_bot
  factory_bot_rails
  fakeredis
  flamegraph
  health_check
  http_accept_language
  httparty
  json-ld
  jwt
  kaminari-activerecord
  license_finder
  linked_rails!
  ltree_hierarchy
  meta_request
  minitest
  minitest-bang
  minitest-have_tag
  minitest-rails
  minitest-reporters
  mocha
  oauth2
  oj
  pg
  pry
  public_activity
  puma
  pundit
  rack-attack (~> 4.3.1)
  rack-mini-profiler
  rack-test
  rails (~> 5.2.2.1)
  rails-controller-testing
  rails-i18n
  rdf
  rdf-n3
  rdf-rdfa
  rdf-rdfxml!
  rdf-serializers!
  rdf-turtle
  rdf-vocab
  redis
  rest-client
  rfc-822
  rspec-rails
  rspec-retry
  rubocop
  rubocop-rails
  rubocop-rspec
  rubyzip
  searchkick
  sequenced
  sidekiq
  sidekiq-logging-json!
  sidekiq-prometheus-exporter
  sidetiq
  simplecov
  spreadsheet
  spring
  spring-commands-rspec
  spring-commands-testunit
  sprockets (~> 3)
  stackprof
  tzinfo-data
  uri_template
  video_info
  web-console (~> 3.5.1)
  webmock
  wisper
  wisper-minitest
  wisper-rspec
  yard
  yard-activesupport-concern

RUBY VERSION
   ruby 2.7.0p0

BUNDLED WITH
   2.1.4
