GIT
  remote: https://github.com/ArthurWD/active_record-postgres-constraints
  revision: 1daecf714b4c11aa218cf71a91ee602807740943
  ref: 1daecf7
  specs:
    active_record-postgres-constraints (0.1.2)
      pg
      rails (~> 5.0)

GIT
  remote: https://github.com/ArthurWD/acts_as_tenant
  revision: deff226341a1b65dfd89cec2fab895f0cbf2546d
  branch: master
  specs:
    acts_as_tenant (0.4.3)
      rails (>= 4.0)
      request_store (>= 1.0.5)

GIT
  remote: https://github.com/allenwq/devise-multi_email
  revision: c38230c02f5b8e8e4f07bb2bcff7ef16f79bf480
  ref: c3823
  specs:
    devise-multi_email (2.0.1)
      devise

GIT
  remote: https://github.com/dryruby/ebnf
  revision: 3631273e2c87ceed4f685ce2eaa3df89f8a47d45
  ref: 3631273
  specs:
    ebnf (1.1.2)
      rdf (~> 3.0)
      sxp (~> 1.0)

GIT
  remote: https://github.com/ontola/active_response
  revision: edc79b7195b4b11a1768d4cde44d0c303fdb4888
  branch: master
  specs:
    active_response (0.0.1)
      active_model_serializers (~> 0.10)
      railties (>= 4.2.0, < 6)

GIT
  remote: https://github.com/ontola/linked_rails
  revision: e7ed6d8d169c2d49f1048815cfa35ef493ee7d9a
  specs:
    linked_rails (0.0.0)
      active_response
      kaminari
      pundit
      rails (~> 5.2.2)
      rdf
      rdf-serializers
      uri_template

GIT
  remote: https://github.com/ontola/rdf-serializers
  revision: 15d1882afae0192dfd02c475b2f35b316854d4a7
  specs:
    rdf-serializers (0.0.6)
      active_model_serializers (~> 0.10)
      railties (>= 4.2.0, < 6)
      rdf (~> 3.0)

GIT
  remote: https://github.com/ruby-rdf/rdf-n3
  revision: a4023586ad6be9c7810ddf253cd841056154b6a1
  ref: a4023586ad6be9c7810ddf253cd841056154b6a1
  specs:
    rdf-n3 (3.0.1)
      rdf (~> 3.0)

GIT
  remote: https://github.com/ruby-rdf/rdf-rdfxml
  revision: dd99a73f7b9931bcd7b3893007e5c26d894c23da
  ref: dd99a73
  specs:
    rdf-rdfxml (2.2.1)
      htmlentities (~> 4.3)
      rdf (~> 3.0)
      rdf-rdfa (>= 2.2, < 4.0)
      rdf-xsd (~> 3.0)

GIT
  remote: https://github.com/st0012/Sidekiq-Logging-JSON.git
  revision: 08098971d5baa75f05bb3b9d53d2d0e811d0ebc1
  ref: 08098971d5baa75f05bb3b9d53d2d0e811d0ebc1
  specs:
    sidekiq-logging-json (0.0.14)
      sidekiq (>= 3)

GIT
  remote: https://github.com/tcocca/acts_as_follower.git
  revision: ff4a7d1f8206be13b9b68526a5062611f36509aa
  ref: ff4a7d1f8206be13b9b68526a5062611f36509aa
  specs:
    acts_as_follower (0.2.1)
      activerecord (>= 4.0)

GEM
  remote: https://rubygems.org/
  specs:
    actioncable (5.2.2.1)
      actionpack (= 5.2.2.1)
      nio4r (~> 2.0)
      websocket-driver (>= 0.6.1)
    actionmailer (5.2.2.1)
      actionpack (= 5.2.2.1)
      actionview (= 5.2.2.1)
      activejob (= 5.2.2.1)
      mail (~> 2.5, >= 2.5.4)
      rails-dom-testing (~> 2.0)
    actionpack (5.2.2.1)
      actionview (= 5.2.2.1)
      activesupport (= 5.2.2.1)
      rack (~> 2.0)
      rack-test (>= 0.6.3)
      rails-dom-testing (~> 2.0)
      rails-html-sanitizer (~> 1.0, >= 1.0.2)
    actionview (5.2.2.1)
      activesupport (= 5.2.2.1)
      builder (~> 3.1)
      erubi (~> 1.4)
      rails-dom-testing (~> 2.0)
      rails-html-sanitizer (~> 1.0, >= 1.0.3)
    active_model_serializers (0.10.9)
      actionpack (>= 4.1, < 6)
      activemodel (>= 4.1, < 6)
      case_transform (>= 0.2)
      jsonapi-renderer (>= 0.1.1.beta1, < 0.3)
    active_record_query_trace (1.5.4)
    activejob (5.2.2.1)
      activesupport (= 5.2.2.1)
      globalid (>= 0.3.6)
    activemodel (5.2.2.1)
      activesupport (= 5.2.2.1)
    activerecord (5.2.2.1)
      activemodel (= 5.2.2.1)
      activesupport (= 5.2.2.1)
      arel (>= 9.0)
    activestorage (5.2.2.1)
      actionpack (= 5.2.2.1)
      activerecord (= 5.2.2.1)
      marcel (~> 0.3.1)
    activesupport (5.2.2.1)
      concurrent-ruby (~> 1.0, >= 1.0.2)
      i18n (>= 0.7, < 2)
      minitest (~> 5.1)
      tzinfo (~> 1.1)
    acts_as_list (0.9.15)
      activerecord (>= 3.0)
    addressable (2.3.8)
    after_commit_action (1.1.0)
      activerecord (>= 3.0.0)
      activesupport (>= 3.0.0)
    amq-protocol (2.2.0)
    ansi (1.5.0)
    archive-zip (0.7.0)
      io-like (~> 0.3.0)
    arel (9.0.0)
    ast (2.3.0)
    auto_strip_attributes (2.0.6)
      activerecord (>= 3.0)
    aws-eventstream (1.0.2)
    aws-partitions (1.144.0)
    aws-sdk-core (3.47.0)
      aws-eventstream (~> 1.0, >= 1.0.2)
      aws-partitions (~> 1.0)
      aws-sigv4 (~> 1.1)
      http-2 (~> 0.10)
      jmespath (~> 1.0)
    aws-sdk-kms (1.14.0)
      aws-sdk-core (~> 3, >= 3.47.0)
      aws-sigv4 (~> 1.1)
    aws-sdk-s3 (1.32.0)
      aws-sdk-core (~> 3, >= 3.47.0)
      aws-sdk-kms (~> 1)
      aws-sigv4 (~> 1.0)
    aws-sigv4 (1.1.0)
      aws-eventstream (~> 1.0, >= 1.0.2)
    babel-source (5.8.35)
    babel-transpiler (0.7.0)
      babel-source (>= 4.0, < 6)
      execjs (~> 2.0)
    bcrypt (3.1.12)
    bcrypt-ruby (3.1.5)
      bcrypt (>= 3.1.3)
    better_errors (2.4.0)
      coderay (>= 1.0.0)
      erubi (>= 1.0.0)
      rack (>= 0.9.0)
    bindex (0.5.0)
    binding_of_caller (0.8.0)
      debug_inspector (>= 0.0.1)
    bootsnap (1.3.0)
      msgpack (~> 1.0)
    brakeman (4.1.1)
    browser (2.5.2)
    bugsnag (5.3.3)
    builder (3.2.3)
    bullet (5.7.1)
      activesupport (>= 3.0.0)
      uniform_notifier (~> 1.11.0)
    bundler-audit (0.6.1)
      bundler (>= 1.2.0, < 3)
      thor (~> 0.18)
    bunny (2.6.7)
      amq-protocol (~> 2.2.0)
    callsite (0.0.11)
    capybara (3.1.1)
      addressable
      mini_mime (>= 0.1.3)
      nokogiri (~> 1.8)
      rack (>= 1.6.0)
      rack-test (>= 0.6.3)
      xpath (~> 3.0)
    carrierwave (0.11.2)
      activemodel (>= 3.2.0)
      activesupport (>= 3.2.0)
      json (>= 1.7)
      mime-types (>= 1.16)
      mimemagic (>= 0.3.0)
    carrierwave-aws (1.3.0)
      aws-sdk-s3 (~> 1.0)
      carrierwave (>= 0.7, < 2.0)
    carrierwave-vips (1.0.5)
      carrierwave
      rmagick
      ruby-vips (>= 0.2.0)
    carrierwave_backgrounder (0.4.2)
      carrierwave (~> 0.5)
    case_transform (0.2)
      activesupport
    celluloid (0.17.3)
      celluloid-essentials
      celluloid-extras
      celluloid-fsm
      celluloid-pool
      celluloid-supervision
      timers (>= 4.1.1)
    celluloid-essentials (0.20.5)
      timers (>= 4.1.1)
    celluloid-extras (0.20.5)
      timers (>= 4.1.1)
    celluloid-fsm (0.20.5)
      timers (>= 4.1.1)
    celluloid-pool (0.20.5)
      timers (>= 4.1.1)
    celluloid-supervision (0.20.6)
      timers (>= 4.1.1)
    childprocess (0.9.0)
      ffi (~> 1.0, >= 1.0.11)
    chromedriver-helper (1.1.0)
      archive-zip (~> 0.7.0)
      nokogiri (~> 1.6)
    cocoon (1.2.11)
    coderay (1.1.2)
    coffee-rails (4.2.2)
      coffee-script (>= 2.2.0)
      railties (>= 4.0.0)
    coffee-script (2.4.1)
      coffee-script-source
      execjs
    coffee-script-source (1.12.2)
    concurrent-ruby (1.1.5)
    connection_pool (2.2.1)
    counter_culture (1.8.2)
      activerecord (>= 3.0.0)
      activesupport (>= 3.0.0)
      after_commit_action (~> 1.0)
    countries (2.1.3)
      i18n_data (~> 0.8.0)
      money (~> 6.9)
      sixarm_ruby_unaccent (~> 1.1)
      unicode_utils (~> 1.4)
    country_select (3.1.1)
      countries (~> 2.0)
      sort_alphabetical (~> 1.0)
    crack (0.4.3)
      safe_yaml (~> 1.0.0)
    crass (1.0.4)
    database_cleaner (1.7.0)
    debug_inspector (0.0.3)
    devise (4.6.1)
      bcrypt (~> 3.0)
      orm_adapter (~> 0.1)
      railties (>= 4.1.0, < 6.0)
      responders
      warden (~> 1.2.3)
    diff-lcs (1.3)
    docile (1.1.5)
    domain_name (0.5.20170404)
      unf (>= 0.0.5, < 1.0.0)
    doorkeeper (5.0.2)
      railties (>= 4.2)
    doorkeeper-jwt (0.1.6)
      jwt (~> 1.5.2, >= 1.5.2)
    dotenv (2.4.0)
    dotenv-rails (2.4.0)
      dotenv (= 2.4.0)
      railties (>= 3.2, < 6.0)
    elasticsearch (6.2.0)
      elasticsearch-api (= 6.2.0)
      elasticsearch-transport (= 6.2.0)
    elasticsearch-api (6.2.0)
      multi_json
    elasticsearch-transport (6.2.0)
      faraday
      multi_json
    erubi (1.8.0)
    erubis (2.7.0)
    execjs (2.7.0)
    exifr (1.3.3)
    factory_bot (4.10.0)
      activesupport (>= 3.0.0)
    factory_bot_rails (4.10.0)
      factory_bot (~> 4.10.0)
      railties (>= 3.0.0)
    fakeredis (0.6.0)
      redis (~> 3.2)
    faraday (0.9.2)
      multipart-post (>= 1.2, < 3)
    ffi (1.9.25)
    flamegraph (0.9.5)
    font-awesome-rails (4.7.0.4)
      railties (>= 3.2, < 6.0)
    formtastic (3.1.5)
      actionpack (>= 3.2.13)
    fspath (3.1.0)
    globalid (0.4.2)
      activesupport (>= 4.2.0)
    haml (5.0.4)
      temple (>= 0.8.0)
      tilt
    hamster (3.0.0)
      concurrent-ruby (~> 1.0)
    hashdiff (0.3.8)
    hashie (3.5.7)
    health_check (2.7.0)
      rails (>= 4.0)
    hitimes (1.2.6)
    html_truncator (0.4.2)
      nokogiri (~> 1.5)
    htmlentities (4.3.4)
    http-2 (0.10.1)
    http-cookie (1.0.3)
      domain_name (~> 0.5)
    http_accept_language (2.1.1)
    httparty (0.13.7)
      json (~> 1.8)
      multi_xml (>= 0.5.2)
    i18n (0.9.5)
      concurrent-ruby (~> 1.0)
    i18n-js (3.0.3)
      i18n (~> 0.6, >= 0.6.6)
    i18n_data (0.8.0)
    ice_cube (0.14.0)
    image_optim (0.25.0)
      exifr (~> 1.2, >= 1.2.2)
      fspath (~> 3.0)
      image_size (~> 1.5)
      in_threads (~> 1.3)
      progress (~> 3.0, >= 3.0.1)
    image_optim_pack (0.5.0.20180108)
      fspath (>= 2.1, < 4)
      image_optim (~> 0.19)
    image_optim_rails (0.4.1)
      image_optim (~> 0.24)
      rails
      sprockets
    image_size (1.5.0)
    in_threads (1.5.0)
    indefinite_article (0.2.4)
      activesupport
    io-like (0.3.0)
    iso8601 (0.9.1)
    jbuilder (2.6.4)
      activesupport (>= 3.0.0)
      multi_json (>= 1.2)
    jmespath (1.4.0)
    jquery-rails (4.3.1)
      rails-dom-testing (>= 1, < 3)
      railties (>= 4.2.0)
      thor (>= 0.14, < 2.0)
    json (1.8.6)
    json-ld (3.0.2)
      multi_json (~> 1.12)
      rdf (>= 2.2.8, < 4.0)
    jsonapi-renderer (0.2.2)
    jwt (1.5.6)
    kaminari (0.17.0)
      actionpack (>= 3.0.0)
      activesupport (>= 3.0.0)
    kgio (2.11.1)
    koala (2.5.0)
      addressable
      faraday
    libv8 (3.16.14.19)
    license_finder (5.0.0)
      bundler
      httparty
      rubyzip
      thor
      toml (= 0.2.0)
      with_env (> 1.0)
      xml-simple
    link_header (0.0.8)
    logstash-event (1.2.02)
    logstasher (1.2.2)
      activesupport (>= 4.0)
      logstash-event (~> 1.2.0)
      request_store
    loofah (2.2.3)
      crass (~> 1.0.2)
      nokogiri (>= 1.5.9)
    ltree_hierarchy (1.0.0)
      activerecord (>= 4.2.0)
      pg
    mail (2.7.1)
      mini_mime (>= 0.1.1)
    marcel (0.3.3)
      mimemagic (~> 0.3.2)
    meta_request (0.6.0)
      callsite (~> 0.0, >= 0.0.11)
      rack-contrib (>= 1.1, < 3)
      railties (>= 3.0.0, < 6)
    metaclass (0.0.4)
    method_source (0.9.2)
    mime-types (3.2.2)
      mime-types-data (~> 3.2015)
    mime-types-data (3.2018.0812)
    mimemagic (0.3.3)
    mini_mime (1.0.1)
    mini_portile2 (2.4.0)
    minitest (5.10.3)
    minitest-bang (1.0.4)
      minitest (>= 4.7.5)
    minitest-have_tag (0.1.0)
      minitest
      nokogiri
    minitest-rails (3.0.0)
      minitest (~> 5.8)
      railties (~> 5.0)
    minitest-reporters (1.3.0)
      ansi
      builder
      minitest (>= 5.0)
      ruby-progressbar
    mocha (1.3.0)
      metaclass (~> 0.0.1)
    money (6.10.1)
      i18n (>= 0.6.4, < 1.0)
    msgpack (1.2.4)
    multi_json (1.13.1)
    multi_xml (0.6.0)
    multipart-post (2.0.0)
    net_http_timeout_errors (0.3.0)
    netrc (0.11.0)
    nio4r (2.3.1)
    nokogiri (1.10.3)
      mini_portile2 (~> 2.4.0)
    oauth (0.5.4)
    oauth2 (1.2.0)
      faraday (>= 0.8, < 0.10)
      jwt (~> 1.0)
      multi_json (~> 1.3)
      multi_xml (~> 0.5)
      rack (>= 1.2, < 3)
    oga (2.13)
      ast
      ruby-ll (~> 2.1)
    omniauth (1.6.1)
      hashie (>= 3.4.6, < 3.6.0)
      rack (>= 1.6.2, < 3)
    omniauth-facebook (5.0.0)
      omniauth-oauth2 (~> 1.2)
    omniauth-oauth (1.1.0)
      oauth
      omniauth (~> 1.0)
    omniauth-oauth2 (1.4.0)
      oauth2 (~> 1.0)
      omniauth (~> 1.2)
    omniauth-twitter (1.2.1)
      json (~> 1.3)
      omniauth-oauth (~> 1.1)
    orm_adapter (0.5.0)
    parallel (1.12.1)
    parser (2.4.0.2)
      ast (~> 2.3)
    parslet (1.8.1)
    pg (1.1.3)
    powerpack (0.1.1)
    progress (3.4.0)
    pry (0.11.3)
      coderay (~> 1.1.0)
      method_source (~> 0.9.0)
    public_activity (1.5.0)
      actionpack (>= 3.0.0)
      activerecord (>= 3.0)
      i18n (>= 0.5.0)
      railties (>= 3.0.0)
    puma (3.11.0)
    pundit (1.0.1)
      activesupport (>= 3.0.0)
    rack (2.0.7)
    rack-attack (4.3.1)
      rack
    rack-contrib (2.0.1)
      rack (~> 2.0)
    rack-cors (0.4.1)
    rack-mini-profiler (0.10.7)
      rack (>= 1.2.0)
    rack-protection (2.0.1)
      rack
    rack-test (1.1.0)
      rack (>= 1.0, < 3)
    rails (5.2.2.1)
      actioncable (= 5.2.2.1)
      actionmailer (= 5.2.2.1)
      actionpack (= 5.2.2.1)
      actionview (= 5.2.2.1)
      activejob (= 5.2.2.1)
      activemodel (= 5.2.2.1)
      activerecord (= 5.2.2.1)
      activestorage (= 5.2.2.1)
      activesupport (= 5.2.2.1)
      bundler (>= 1.3.0)
      railties (= 5.2.2.1)
      sprockets-rails (>= 2.0.0)
    rails-controller-testing (1.0.4)
      actionpack (>= 5.0.1.x)
      actionview (>= 5.0.1.x)
      activesupport (>= 5.0.1.x)
    rails-dom-testing (2.0.3)
      activesupport (>= 4.2.0)
      nokogiri (>= 1.6)
    rails-html-sanitizer (1.0.4)
      loofah (~> 2.2, >= 2.2.2)
    rails-i18n (5.0.4)
      i18n (~> 0.7)
      railties (~> 5.0)
    railties (5.2.2.1)
      actionpack (= 5.2.2.1)
      activesupport (= 5.2.2.1)
      method_source
      rake (>= 0.8.7)
      thor (>= 0.19.0, < 2.0)
    rainbow (3.0.0)
    raindrops (0.19.0)
    rake (12.3.2)
    rakismet (1.5.4)
    rdf (3.0.12)
      hamster (~> 3.0)
      link_header (~> 0.0, >= 0.0.8)
    rdf-aggregate-repo (2.2.1)
      rdf (>= 2.2, < 4.0)
    rdf-rdfa (3.0.1)
      haml (~> 5.0)
      htmlentities (~> 4.3)
      rdf (~> 3.0)
      rdf-aggregate-repo (>= 2.2, < 4.0)
      rdf-xsd (~> 3.0)
    rdf-turtle (3.0.6)
      ebnf (~> 1.1)
      rdf (~> 3.0)
    rdf-xsd (3.0.1)
      rdf (~> 3.0)
    react-rails (2.2.1)
      babel-transpiler (>= 0.7.0)
      connection_pool
      execjs
      railties (>= 3.2)
      tilt
    redcarpet (3.3.4)
    redis (3.3.5)
    ref (2.0.0)
    render_anywhere (0.0.12)
      rails (>= 3.0.7)
    request_store (1.4.1)
      rack (>= 1.4)
    responders (2.4.1)
      actionpack (>= 4.2.0, < 6.0)
      railties (>= 4.2.0, < 6.0)
    rest-client (2.0.2)
      http-cookie (>= 1.0.2, < 2.0)
      mime-types (>= 1.16, < 4.0)
      netrc (~> 0.8)
    rfc-822 (0.4.1)
    rmagick (2.16.0)
    rollout (2.4.3)
    rspec-core (3.7.1)
      rspec-support (~> 3.7.0)
    rspec-expectations (3.7.0)
      diff-lcs (>= 1.2.0, < 2.0)
      rspec-support (~> 3.7.0)
    rspec-mocks (3.7.0)
      diff-lcs (>= 1.2.0, < 2.0)
      rspec-support (~> 3.7.0)
    rspec-rails (3.7.2)
      actionpack (>= 3.0)
      activesupport (>= 3.0)
      railties (>= 3.0)
      rspec-core (~> 3.7.0)
      rspec-expectations (~> 3.7.0)
      rspec-mocks (~> 3.7.0)
      rspec-support (~> 3.7.0)
    rspec-retry (0.5.6)
      rspec-core (> 3.3, < 3.8)
    rspec-support (3.7.0)
    rubocop (0.52.1)
      parallel (~> 1.10)
      parser (>= 2.4.0.2, < 3.0)
      powerpack (~> 0.1)
      rainbow (>= 2.2.2, < 4.0)
      ruby-progressbar (~> 1.7)
      unicode-display_width (~> 1.0, >= 1.0.1)
    rubocop-rspec (1.22.1)
      rubocop (>= 0.52.1)
    ruby-ll (2.1.2)
      ansi
      ast
    ruby-ole (1.2.12.1)
    ruby-progressbar (1.9.0)
    ruby-vips (0.3.14)
    rubyzip (1.2.2)
    safe_yaml (1.0.5)
    sass (3.4.18)
    sass-rails (5.0.7)
      railties (>= 4.0.0, < 6)
      sass (~> 3.1)
      sprockets (>= 2.8, < 4.0)
      sprockets-rails (>= 2.0, < 4.0)
      tilt (>= 1.1, < 3)
    searchkick (3.1.2)
      activemodel (>= 4.2)
      elasticsearch (>= 5)
      hashie
    selenium-webdriver (3.12.0)
      childprocess (~> 0.5)
      rubyzip (~> 1.2)
    sequenced (3.1.1)
      activerecord (>= 3.0)
      activesupport (>= 3.0)
    sidekiq (4.2.10)
      concurrent-ruby (~> 1.0)
      connection_pool (~> 2.2, >= 2.2.0)
      rack-protection (>= 1.5.0)
      redis (~> 3.2, >= 3.2.1)
    sidetiq (0.7.2)
      celluloid (>= 0.17.3)
      ice_cube (~> 0.14.0)
      sidekiq (>= 4.1.0)
    simple_settings (1.0.3)
      rails (>= 4.0.0)
    simple_text (0.0.23)
      kaminari (>= 0.16.0)
      rails (>= 4.0.0)
      redcarpet (>= 3.3.4)
      slim (>= 2.0.0)
      whodunnit (~> 0.0.5)
    simplecov (0.15.1)
      docile (~> 1.1.0)
      json (>= 1.8, < 3)
      simplecov-html (~> 0.10.0)
    simplecov-html (0.10.2)
    sixarm_ruby_unaccent (1.2.0)
    slim (3.0.9)
      temple (>= 0.7.6, < 0.9)
      tilt (>= 1.3.3, < 2.1)
    sort_alphabetical (1.1.0)
      unicode_utils (>= 1.2.2)
    spreadsheet (1.1.5)
      ruby-ole (>= 1.0)
    spring (2.0.2)
      activesupport (>= 4.2)
    spring-commands-rspec (1.0.4)
      spring (>= 0.9.1)
    spring-commands-testunit (1.0.1)
      spring (>= 0.9.1)
    sprockets (3.7.2)
      concurrent-ruby (~> 1.0)
      rack (> 1, < 3)
    sprockets-es6 (0.9.2)
      babel-source (>= 5.8.11)
      babel-transpiler
      sprockets (>= 3.0.0)
    sprockets-rails (3.2.1)
      actionpack (>= 4.0)
      activesupport (>= 4.0)
      sprockets (>= 3.0.0)
    squirm (0.0.6)
      pg (>= 0.11.0)
    squirm_rails (0.0.2)
      activerecord (>= 3.0.0)
      railties
      squirm (>= 0.0.6)
    staccato (0.4.7)
    stackprof (0.2.11)
    sxp (1.0.2)
      rdf (~> 3.0)
    temple (0.8.1)
    therubyracer (0.12.3)
      libv8 (~> 3.16.14.15)
      ref
    thor (0.20.3)
    thread_safe (0.3.6)
    tilt (2.0.9)
    timers (4.1.2)
      hitimes
    toml (0.2.0)
      parslet (~> 1.8.0)
    tzinfo (1.2.5)
      thread_safe (~> 0.1)
    tzinfo-data (1.2017.3)
      tzinfo (>= 1.0.0)
    uglifier (4.1.3)
      execjs (>= 0.3.0, < 3)
    unf (0.1.4)
      unf_ext
    unf_ext (0.0.7.4)
    unicode-display_width (1.3.0)
    unicode_utils (1.4.0)
    unicorn (5.0.1)
      kgio (~> 2.6)
      rack
      raindrops (~> 0.7)
    uniform_notifier (1.11.0)
    uri_template (0.7.0)
    video_info (2.7)
      iso8601 (~> 0.9.1)
      net_http_timeout_errors (~> 0.3.0)
      oga (~> 2.7)
    warden (1.2.8)
      rack (>= 2.0.6)
    web-console (3.5.1)
      actionview (>= 5.0)
      activemodel (>= 5.0)
      bindex (>= 0.4.0)
      railties (>= 5.0)
    webmock (3.5.1)
      addressable (>= 2.3.6)
      crack (>= 0.3.2)
      hashdiff
    webpacker (2.0)
      activesupport (>= 4.2)
      multi_json (~> 1.2)
      railties (>= 4.2)
    websocket-driver (0.7.1)
      websocket-extensions (>= 0.1.0)
    websocket-extensions (0.1.4)
    whodunnit (0.0.5)
      rails (>= 4.0.0)
    wisper (1.6.1)
    wisper-minitest (0.0.3)
    wisper-rspec (1.0.0)
    with_env (1.1.0)
    xml-simple (1.1.5)
    xpath (3.1.0)
      nokogiri (~> 1.8)
    yard (0.9.12)
    yard-activesupport-concern (0.0.1)
      yard (>= 0.8)

PLATFORMS
  ruby

DEPENDENCIES
  active_model_serializers (~> 0.10.7)
  active_record-postgres-constraints!
  active_record_query_trace
  active_response!
  acts_as_follower!
  acts_as_list
  acts_as_tenant!
  addressable (~> 2.3.8)
  auto_strip_attributes (~> 2.0.6)
  babel-transpiler
  bcrypt-ruby (>= 3.1.5)
  better_errors
  binding_of_caller (>= 0.7.3.pre1)
  bootsnap
  brakeman (~> 4.1.1)
  browser
  bugsnag (~> 5.3.3)
  bullet
  bundler-audit (~> 0.6.1)
  bunny (~> 2.6.1)
  capybara (~> 3.1.1)
  carrierwave (~> 0.11.2)
  carrierwave-aws (~> 1.3.0)
  carrierwave-vips (~> 1.0.5)
  carrierwave_backgrounder (~> 0.4.1)
  chromedriver-helper (~> 1.1.0)
  cocoon (~> 1.2.6)
  coffee-rails (~> 4.2.2)
  counter_culture (~> 1.8.2)
  country_select
  database_cleaner
  devise
  devise-multi_email (~> 2.0.1)!
  doorkeeper (~> 5.0.2)
  doorkeeper-jwt (~> 0.1.6)
  dotenv-rails
  ebnf!
  erubis
  factory_bot
  factory_bot_rails
  fakeredis (~> 0.6.0)
  flamegraph
  font-awesome-rails (~> 4.7.0.2)
  formtastic (~> 3.1.4)
  health_check
  html_truncator (~> 0.2)
  http_accept_language
  httparty (~> 0.13.7)
  i18n-js (~> 3.0.1)
  image_optim (~> 0.25.0)
  image_optim_pack (~> 0.5.0)
  image_optim_rails (~> 0.4.1)
  indefinite_article
  jbuilder (~> 2.6.0)
  jquery-rails (~> 4.3.1)
  json-ld
  jwt
  kaminari (~> 0.17.0)
  koala (~> 2.5.0)
  libv8 (~> 3.16.14.13)
  license_finder
  linked_rails!
  logstasher (~> 1.2.0)
  ltree_hierarchy
  meta_request
  minitest (= 5.10.3)
  minitest-bang
  minitest-have_tag (~> 0.1.0)
  minitest-rails (~> 3.0.0)
  minitest-reporters (~> 1.3.0)
  mocha
  nokogiri (~> 1.10.3)
  oauth2 (~> 1.2.0)
  omniauth (~> 1.6.1)
  omniauth-facebook (~> 5.0.0)
  omniauth-oauth2 (~> 1.4.0)
  omniauth-twitter (~> 1.2.0)
  pg
  pry
  public_activity (~> 1.5)
  puma
  pundit (~> 1.0.0)
  rack-attack (~> 4.3.1)
  rack-cors (~> 0.4.1)
  rack-mini-profiler
  rack-test
  rails (~> 5.2.2.1)
  rails-controller-testing
  rails-i18n (~> 5.0.4)
  rakismet
  rdf
  rdf-n3!
  rdf-rdfa
  rdf-rdfxml!
  rdf-serializers!
  rdf-turtle
  react-rails (~> 2.2.1)
  redcarpet (~> 3.3.4)
  redis (~> 3.3.5)
  render_anywhere
  rest-client
  rfc-822 (~> 0.4.1)
  rollout
  rspec-rails (~> 3.7.2)
  rspec-retry (~> 0.5.6)
  rubocop
  rubocop-rspec
  rubyzip
  sass (= 3.4.18)
  sass-rails (~> 5.0.6)
  searchkick
  selenium-webdriver (~> 3.12.0)
  sequenced
  sidekiq (~> 4.2.2)
  sidekiq-logging-json!
  sidetiq (~> 0.7.2)
  simple_settings (= 1.0.3)
  simple_text (~> 0.0.23)
  simplecov
  slim (~> 3.0.6)
  spreadsheet
  spring (~> 2.0.2)
  spring-commands-rspec
  spring-commands-testunit
  sprockets (~> 3.7.1)
  sprockets-es6
  squirm_rails
  staccato (~> 0.4.7)
  stackprof
  therubyracer (~> 0.12.3)
  tzinfo-data
  uglifier (>= 3.1.3)
  unicorn (= 5.0.1)
  uri_template
  video_info
  web-console (~> 3.5.1)
  webmock
  webpacker (~> 2.0)
  whodunnit (= 0.0.5)
  wisper (~> 1.6.1)
  wisper-minitest (~> 0.0.3)
  wisper-rspec
  yard
  yard-activesupport-concern

RUBY VERSION
   ruby 2.6.1p33

BUNDLED WITH
   1.17.3
